GEM
  remote: https://rubygems.org/
  specs:
    concurrent-ruby (1.0.5)
    ffi (1.9.25)
    hidapi (0.1.9)
      i18n
      libusb (~> 0.5.1)
    i18n (1.1.1)
      concurrent-ruby (~> 1.0)
    libusb (0.5.1)
      ffi (>= 1.0)
    wisper (2.0.0)

PLATFORMS
  ruby

DEPENDENCIES
  hidapi
  wisper

BUNDLED WITH
   1.16.6
